GEM
  remote: https://rubygems.org/
  specs:
    coderay (1.1.2)
    faraday (0.14.0)
      multipart-post (>= 1.2, < 3)
    method_source (0.9.0)
    multipart-post (2.0.0)
    pry (0.11.3)
      coderay (~> 1.1.0)
      method_source (~> 0.9.0)
    vcr (4.0.0)

PLATFORMS
  ruby

DEPENDENCIES
  faraday
  pry
  vcr

RUBY VERSION
   ruby 2.4.1p111

BUNDLED WITH
   1.16.1
